GEM
  remote: https://rubygems.org/
  specs:
    erubis (2.7.0)
    loader (3.1.0)
    nio4r (2.5.7)
    puma (4.3.8)
      nio4r (~> 2.0)
    rack (2.1.4)
    rack-app (6.7.0)
      rack
    rack-app-front_end (0.22.0)
      rack-app (>= 6.3.1)
      tilt
    rack-host-redirect (1.3.0)
      rack
    shotgun (0.9.2)
      rack (>= 1.0)
    tilt (2.0.7)

PLATFORMS
  ruby

DEPENDENCIES
  erubis
  loader
  puma
  rack (>= 2.0.6)
  rack-app
  rack-app-front_end
  rack-host-redirect
  shotgun

RUBY VERSION
   ruby 2.6.3p62

BUNDLED WITH
   1.17.2
