GEM
  remote: https://rubygems.org/
  specs:
    erubis (2.7.0)
    loader (3.1.0)
    puma (3.2.0)
    rack (1.6.4)
    rack-app (3.4.0)
      rack
    rack-app-bootstrap (0.4.0)
      rack-app (>= 3.0.0)
    rack-app-front_end (0.19.0)
      rack-app (>= 2.0.0)
      tilt
    shotgun (0.9.1)
      rack (>= 1.0)
    tilt (2.0.2)

PLATFORMS
  ruby

DEPENDENCIES
  erubis
  loader
  puma
  rack-app
  rack-app-bootstrap
  rack-app-front_end
  shotgun

BUNDLED WITH
   1.11.2
