GEM
  remote: https://rubygems.org/
  specs:
    erubis (2.7.0)
    loader (3.1.0)
    puma (3.6.0)
    rack (2.0.1)
    rack-app (4.0.1)
      rack
    rack-app-front_end (0.19.0)
      rack-app (>= 2.0.0)
      tilt
    rack-host-redirect (1.2.1)
      rack
    shotgun (0.9.1)
      rack (>= 1.0)
    tilt (2.0.5)

PLATFORMS
  ruby

DEPENDENCIES
  erubis
  loader
  puma
  rack-app
  rack-app-front_end
  rack-host-redirect
  shotgun

RUBY VERSION
   ruby 2.3.0p0

BUNDLED WITH
   1.12.5
