GEM
  remote: https://rubygems.org/
  specs:
    erubis (2.7.0)
    loader (3.1.0)
    nio4r (2.5.7)
    puma (5.3.2)
      nio4r (~> 2.0)
    rack (2.2.6.3)
    rack-app (7.7.0)
      rack
    rack-app-front_end (0.22.0)
      rack-app (>= 6.3.1)
      tilt
    rack-host-redirect (1.3.0)
      rack
    shotgun (0.9.2)
      rack (>= 1.0)
    tilt (2.0.10)

PLATFORMS
  x86_64-linux

DEPENDENCIES
  erubis
  loader
  puma
  rack (>= 2.0.6)
  rack-app
  rack-app-front_end
  rack-host-redirect
  shotgun

RUBY VERSION
   ruby 3.0.1p64

BUNDLED WITH
   2.2.18
